GEM
  remote: https://rubygems.org/
  specs:
    kramdown (2.3.1)
      rexml
    rexml (3.2.5)
    stringex (2.8.4)

PLATFORMS
  ruby

DEPENDENCIES
  kramdown
  stringex

BUNDLED WITH
   1.16.2
