GEM
  remote: https://rubygems.org/
  specs:
    kramdown (1.17.0)

PLATFORMS
  ruby

DEPENDENCIES
  kramdown

BUNDLED WITH
   1.16.2
